GEM
  remote: https://rubygems.org/
  specs:
    dbi (0.4.5)
      deprecated (= 2.0.1)
    deprecated (2.0.1)
    ffi (1.15.3)
    gdbm (2.1.0)
    minitest (5.14.4)
    rake (13.0.6)
    sqlite3 (1.3.10)

PLATFORMS
  x86_64-darwin-19

DEPENDENCIES
  dbi (= 0.4.5)
  ffi
  gdbm
  minitest (~> 5.0)
  rake (~> 13.0)
  sqlite3 (= 1.3.10)

BUNDLED WITH
   2.2.24
