GEM
  remote: https://rubygems.org/
  specs:
    dbi (0.4.5)
      deprecated (= 2.0.1)
    deprecated (2.0.1)
    ffi (1.10.0)
    gdbm (2.0.0)
    sqlite3 (1.3.10)

PLATFORMS
  ruby

DEPENDENCIES
  dbi (= 0.4.5)
  ffi
  gdbm
  sqlite3 (= 1.3.10)

BUNDLED WITH
   2.0.1
